GIT
  remote: git://github.com/stellar/xdrgen.git
  revision: 6592ff5a1d82cd5600bf0d0e255af6e44ed660ba
  specs:
    xdrgen (0.0.1)
      activesupport (~> 5)
      memoist (~> 0.11.0)
      slop (~> 3.4)
      treetop (~> 1.5.3)

GEM
  remote: https://rubygems.org/
  specs:
    activesupport (5.0.1)
      concurrent-ruby (~> 1.0, >= 1.0.2)
      i18n (~> 0.7)
      minitest (~> 5.1)
      tzinfo (~> 1.1)
    addressable (2.5.0)
      public_suffix (~> 2.0, >= 2.0.2)
    coderay (1.1.1)
    concurrent-ruby (1.0.4)
    faraday (0.11.0)
      multipart-post (>= 1.2, < 3)
    i18n (0.7.0)
    memoist (0.11.0)
    method_source (0.8.2)
    minitest (5.10.1)
    multipart-post (2.0.0)
    netrc (0.11.0)
    octokit (4.6.2)
      sawyer (~> 0.8.0, >= 0.5.3)
    polyglot (0.3.5)
    pry (0.10.4)
      coderay (~> 1.1.0)
      method_source (~> 0.8.1)
      slop (~> 3.4)
    public_suffix (2.0.5)
    rake (12.0.0)
    sawyer (0.8.1)
      addressable (>= 2.3.5, < 2.6)
      faraday (~> 0.8, < 1.0)
    slop (3.6.0)
    thread_safe (0.3.5)
    treetop (1.5.3)
      polyglot (~> 0.3)
    tzinfo (1.2.2)
      thread_safe (~> 0.1)

PLATFORMS
  ruby

DEPENDENCIES
  netrc
  octokit
  pry
  rake
  xdrgen!

BUNDLED WITH
   1.13.7
