GIT
  remote: git://github.com/stellar/stellar_core_commander.git
  revision: bbbb52c6ddd3f7857a53b6eda5262d81ec4b1cab
  branch: master
  specs:
    stellar_core_commander (0.0.12)
      activesupport (>= 4.0.0)
      contracts (~> 0.9)
      faraday (~> 0.9.1)
      faraday_middleware (~> 0.9.1)
      pg (~> 0.18.1)
      sequel (~> 4.21.0)
      slop (~> 3.6.0)
      stellar-base (>= 0.12.0)
      typhoeus (~> 0.8.0)

GEM
  remote: https://rubygems.org/
  specs:
    activemodel (5.0.2)
      activesupport (= 5.0.2)
    activesupport (5.0.2)
      concurrent-ruby (~> 1.0, >= 1.0.2)
      i18n (~> 0.7)
      minitest (~> 5.1)
      tzinfo (~> 1.1)
    base32 (0.3.2)
    coderay (1.1.1)
    concurrent-ruby (1.0.5)
    contracts (0.15.0)
    digest-crc (0.4.1)
    ethon (0.10.1)
      ffi (>= 1.3.0)
    faraday (0.9.2)
      multipart-post (>= 1.2, < 3)
    faraday_middleware (0.9.2)
      faraday (>= 0.7.4, < 0.10)
    ffi (1.9.18)
    i18n (0.8.1)
    method_source (0.8.2)
    minitest (5.10.1)
    multipart-post (2.0.0)
    pg (0.18.4)
    pry (0.10.4)
      coderay (~> 1.1.0)
      method_source (~> 0.8.1)
      slop (~> 3.4)
    rbnacl (4.0.2)
      ffi
    rbnacl-libsodium (1.0.11)
      rbnacl (>= 3.0.1)
    sequel (4.21.0)
    slop (3.6.0)
    stellar-base (0.12.0)
      activesupport (>= 4.2.7)
      base32
      digest-crc
      rbnacl
      rbnacl-libsodium (~> 1.0.3)
      xdr (~> 2.0.0)
    thread_safe (0.3.6)
    typhoeus (0.8.0)
      ethon (>= 0.8.0)
    tzinfo (1.2.2)
      thread_safe (~> 0.1)
    xdr (2.0.0)
      activemodel (>= 4.2.7)
      activesupport (>= 4.2.7)

PLATFORMS
  ruby

DEPENDENCIES
  pry
  stellar_core_commander!

BUNDLED WITH
   1.13.7
